GEM
  remote: https://rubygems.org/
  specs:
    concurrent-ruby (1.1.9)

PLATFORMS
  arm64-darwin-21

DEPENDENCIES
  concurrent-ruby

BUNDLED WITH
   2.3.4
