GEM
  remote: https://rubygems.org/
  specs:
    concurrent-ruby (1.1.9)
    rack (2.2.3)
    sprockets (4.0.2)
      concurrent-ruby (~> 1.0)
      rack (> 1, < 3)

PLATFORMS
  arm64-darwin-21

DEPENDENCIES
  sprockets

BUNDLED WITH
   2.3.4
